GEM
  remote: http://rubygems.org/
  specs:
    akami (1.2.2)
      gyoku (>= 0.4.0)
      nokogiri
    builder (3.2.3)
    git (1.2.5)
    gyoku (1.1.1)
      builder (>= 2.1.2)
    httpi (2.1.1)
      rack
      rubyntlm (~> 0.3.2)
    jeweler (1.8.3)
      bundler (~> 1.0)
      git (>= 1.2.5)
      rake
      rdoc
    json (1.7.3)
    mime-types (1.25.1)
    multi_json (1.3.6)
    nokogiri (1.5.11)
    nori (2.3.0)
    rack (1.6.5)
    rake (0.9.2.2)
    rdoc (3.12)
      json (~> 1.4)
    rubyntlm (0.3.4)
    savon (2.3.0)
      akami (~> 1.2.0)
      builder (>= 2.1.2)
      gyoku (~> 1.1.0)
      httpi (~> 2.1.0)
      nokogiri (>= 1.4.0, < 1.6)
      nori (~> 2.3.0)
      wasabi (~> 3.2.0)
    shoulda (3.0.1)
      shoulda-context (~> 1.0.0)
      shoulda-matchers (~> 1.0.0)
    shoulda-context (1.0.0)
    shoulda-matchers (1.0.0)
    simplecov (0.6.4)
      multi_json (~> 1.0)
      simplecov-html (~> 0.5.3)
    simplecov-html (0.5.3)
    wasabi (3.2.3)
      httpi (~> 2.0)
      mime-types (< 2.0.0)
      nokogiri (>= 1.4.0)

PLATFORMS
  ruby

DEPENDENCIES
  bundler (= 1.14.5)
  jeweler (~> 1.8.3)
  rack (= 1.6.5)
  rdoc (~> 3.12)
  savon (= 2.3.0)
  shoulda
  simplecov

RUBY VERSION
   ruby 1.8.7p299

BUNDLED WITH
   1.14.5
